GEM
  remote: http://rubygems.org/
  specs:
    adsf (1.1.1)
      rack (>= 1.0.0)
    colored (1.2)
    cri (2.3.0)
      colored (>= 1.2)
    haml (3.1.6)
    kramdown (0.13.7)
    nanoc (3.3.7)
      cri (~> 2.2)
    nokogiri (1.5.5)
    rack (1.4.1)
    sass (3.1.20)

PLATFORMS
  ruby

DEPENDENCIES
  adsf (~> 1.1.1)
  haml (~> 3.1.4)
  kramdown (~> 0.13.5)
  nanoc (~> 3.3.3)
  nokogiri (~> 1.5.2)
  sass (~> 3.1.16)
